PATH
  remote: .
  specs:
    csv_query (1.0.4)
      sqlite3

GEM
  remote: http://rubygems.org/
  specs:
    minitest (5.6.1)
    rake (10.4.2)
    sqlite3 (1.3.10)

PLATFORMS
  ruby

DEPENDENCIES
  csv_query!
  minitest
  rake

BUNDLED WITH
   1.10.0.pre.2
